GEM
  remote: https://rubygems.org/
  specs:
    minitest (5.11.1)
    rmagick (2.16.0)

PLATFORMS
  ruby

DEPENDENCIES
  minitest
  rmagick

BUNDLED WITH
   1.16.1
